GEM
  remote: https://rubygems.org/
  specs:
    colored2 (3.1.2)

PLATFORMS
  aarch64-linux

DEPENDENCIES
  colored2 (~> 3.1)

BUNDLED WITH
   2.3.14
